GIT
  remote: git://github.com/mongoid/mongoid.git
  revision: f9e17999c949bec5efad60079d232049b49c644f
  specs:
    mongoid (2.0.0.rc.1)
      activemodel (~> 3.0)
      mongo (~> 1.1)
      tzinfo (~> 0.3.22)
      will_paginate (~> 3.0.pre)

PATH
  remote: .
  specs:
    mongoid-rspec (1.3.2)
      rspec (~> 2)
      rspec (~> 2)
      rspec (~> 2)

GEM
  specs:
    activemodel (3.0.3)
      activesupport (= 3.0.3)
      builder (~> 2.1.2)
      i18n (~> 0.4)
    activesupport (3.0.3)
    bson (1.1.5)
    bson_ext (1.1.5)
    builder (2.1.2)
    diff-lcs (1.1.2)
    i18n (0.5.0)
    mongo (1.1.5)
      bson (>= 1.1.5)
    rspec (2.3.0)
      rspec-core (~> 2.3.0)
      rspec-expectations (~> 2.3.0)
      rspec-mocks (~> 2.3.0)
    rspec-core (2.3.1)
    rspec-expectations (2.3.0)
      diff-lcs (~> 1.1.2)
    rspec-mocks (2.3.0)
    tzinfo (0.3.23)
    will_paginate (3.0.pre2)

PLATFORMS
  ruby

DEPENDENCIES
  bson_ext
  mongoid!
  mongoid-rspec!
  rspec (~> 2)
